GEM
  remote: https://rubygems.org/
  specs:
    mime-types (3.3.1)
      mime-types-data (~> 3.2015)
    mime-types-data (3.2020.1104)
    minitest (5.14.2)
    rake (12.3.3)

PLATFORMS
  ruby

DEPENDENCIES
  mime-types
  minitest (~> 5.0)
  rake (~> 12.0)

BUNDLED WITH
   2.2.22
